NUGET
  remote: https://nuget.org/api/v2
  specs:
    FsCheck (1.0.3)
    FSharp.Charting (0.90.7)
    FSharp.Core (3.1.2)
    FsPickler (1.0.6)
    Fuchu (0.4.0)
    Fuchu.FsCheck (0.4.0)
      FsCheck (>= 0.9.2.0)
      Fuchu (>= 0.4.0.0)
    Fuchu.PerfUtil (0.4.0)
      Fuchu (>= 0.4.0.0)
      PerfUtil (>= 0.1.5)
    Microsoft.AspNet.Razor (3.2.2)
    NuGet.CommandLine (2.8.3)
    PerfUtil (0.1.8)
    RazorEngine (3.4.2)
      Microsoft.AspNet.Razor (>= 3.0.0)
