NUGET
  remote: https://nuget.org/api/v2
  specs:
    FsCheck (0.9.1.0)
    FSharp.Charting (0.90.6)
    FSharp.Core.3 (0.0.2)
    Microsoft.AspNet.Razor (3.2.0)
    NuGet.CommandLine (2.8.3)
    NUnit (2.6.3)
    RazorEngine (3.4.1)
      Microsoft.AspNet.Razor (>= 3.0.0)
    Suave (0.13.0)
